PATH
  remote: .
  specs:
    wowr (0.5.4)
      hpricot (= 0.8.2)
      json (~> 1.4.3)

GEM
  remote: http://rubygems.org/
  specs:
    autotest (4.4.1)
    diff-lcs (1.1.2)
    fakeweb (1.3.0)
    hpricot (0.8.2)
    json (1.4.6)
    mocha (0.9.8)
      rake
    rake (0.8.7)
    rcov (0.9.9)
    rspec (2.0.0)
      rspec-core (= 2.0.0)
      rspec-expectations (= 2.0.0)
      rspec-mocks (= 2.0.0)
    rspec-core (2.0.0)
    rspec-expectations (2.0.0)
      diff-lcs (>= 1.1.2)
    rspec-mocks (2.0.0)
      rspec-core (= 2.0.0)
      rspec-expectations (= 2.0.0)
    yard (0.6.1)

PLATFORMS
  ruby

DEPENDENCIES
  autotest (~> 4.4.1)
  fakeweb (~> 1.3)
  hpricot (= 0.8.2)
  json (~> 1.4.3)
  mocha (~> 0.9)
  rake (~> 0.8.7)
  rcov (~> 0.9.9)
  rspec (~> 2.0.0)
  wowr!
  yard (~> 0.6.1)
