PATH
  remote: .
  specs:
    wowr (0.5.4)
      hpricot (= 0.8.2)
      json (~> 1.4.3)

GEM
  remote: http://rubygems.org/
  specs:
    builder (2.1.2)
    cucumber (0.9.2)
      builder (~> 2.1.2)
      diff-lcs (~> 1.1.2)
      gherkin (~> 2.2.5)
      json (~> 1.4.6)
      term-ansicolor (~> 1.0.5)
    diff-lcs (1.1.2)
    fakeweb (1.3.0)
    gherkin (2.2.8)
      json (~> 1.4.6)
      term-ansicolor (~> 1.0.5)
    hpricot (0.8.2)
    json (1.4.6)
    rake (0.8.7)
    rcov (0.9.9)
    rspec (2.0.0)
      rspec-core (= 2.0.0)
      rspec-expectations (= 2.0.0)
      rspec-mocks (= 2.0.0)
    rspec-core (2.0.0)
    rspec-expectations (2.0.0)
      diff-lcs (>= 1.1.2)
    rspec-mocks (2.0.0)
      rspec-core (= 2.0.0)
      rspec-expectations (= 2.0.0)
    shoulda (2.11.3)
    term-ansicolor (1.0.5)

PLATFORMS
  ruby

DEPENDENCIES
  cucumber (~> 0.9.2)
  fakeweb (~> 1.3)
  hpricot (= 0.8.2)
  json (~> 1.4.3)
  rake (~> 0.8.7)
  rcov (~> 0.9.9)
  rspec (~> 2.0.0)
  shoulda (~> 2.11.3)
  wowr!
