PATH
  remote: .
  specs:
    wowr (0.5.4)
      hpricot (= 0.8.2)
      json (= 1.4.3)

GEM
  remote: http://rubygems.org/
  specs:
    hpricot (0.8.2)
    json (1.4.3)

PLATFORMS
  ruby

DEPENDENCIES
  hpricot (= 0.8.2)
  json (= 1.4.3)
  wowr!
